GEM
  remote: https://rubygems.org/
  specs:
    activemodel (7.0.4)
      activesupport (= 7.0.4)
    activerecord (7.0.4)
      activemodel (= 7.0.4)
      activesupport (= 7.0.4)
    activerecord-cockroachdb-adapter (7.0.0)
      activerecord (~> 7.0.3)
      pg (~> 1.2)
      rgeo-activerecord (~> 7.0.0)
    activesupport (7.0.4)
      concurrent-ruby (~> 1.0, >= 1.0.2)
      i18n (>= 1.6, < 2)
      minitest (>= 5.1)
      tzinfo (~> 2.0)
    concurrent-ruby (1.1.10)
    i18n (1.12.0)
      concurrent-ruby (~> 1.0)
    minitest (5.16.3)
    pg (1.2.3)
    rgeo (2.4.0)
    rgeo-activerecord (7.0.1)
      activerecord (>= 5.0)
      rgeo (>= 1.0.0)
    tzinfo (2.0.5)
      concurrent-ruby (~> 1.0)

PLATFORMS
  arm64-darwin-21
  x86_64-darwin-19
  x86_64-darwin-20

DEPENDENCIES
  activerecord (~> 7.0.3)
  activerecord-cockroachdb-adapter (~> 7.0.0)
  pg

BUNDLED WITH
   2.2.22
